GEM
  specs:
    appsignal (1.2.0)
      rack
      thread_safe
    eventmachine (1.0.9.1)
    rack (1.6.4)
    thread_safe (0.3.5)

PLATFORMS
  ruby

DEPENDENCIES
  appsignal
  eventmachine

BUNDLED WITH
   1.10.6
