GEM
  remote: https://rubygems.org/
  specs:
    appsignal (2.4.3)
      rack
    eventmachine (1.0.9.1)
    rack (2.0.3)

PLATFORMS
  ruby

DEPENDENCIES
  appsignal
  eventmachine

BUNDLED WITH
   1.14.5
